GEM
  remote: http://rubygems.org/
  specs:
    addressable (2.5.1)
      public_suffix (~> 2.0, >= 2.0.2)
    allure-cucumber (0.5.8)
      allure-ruby-adaptor-api
      cucumber (>= 2.0.0)
    allure-ruby-adaptor-api (0.7.0)
      mimemagic
      nokogiri (~> 1.7)
      uuid
    archive-zip (0.7.0)
      io-like (~> 0.3.0)
    builder (3.2.3)
    capybara (2.14.2)
      addressable
      mime-types (>= 1.16)
      nokogiri (>= 1.3.3)
      rack (>= 1.0.0)
      rack-test (>= 0.5.4)
      xpath (~> 2.0)
    capybara-screenshot (1.0.14)
      capybara (>= 1.0, < 3)
      launchy
    childprocess (0.7.0)
      ffi (~> 1.0, >= 1.0.11)
    chromedriver-helper (1.1.0)
      archive-zip (~> 0.7.0)
      nokogiri (~> 1.6)
    cucumber (2.4.0)
      builder (>= 2.1.2)
      cucumber-core (~> 1.5.0)
      cucumber-wire (~> 0.0.1)
      diff-lcs (>= 1.1.3)
      gherkin (~> 4.0)
      multi_json (>= 1.7.5, < 2.0)
      multi_test (>= 0.1.2)
    cucumber-core (1.5.0)
      gherkin (~> 4.0)
    cucumber-wire (0.0.1)
    diff-lcs (1.1.3)
    ffi (1.9.18)
    gherkin (4.1.3)
    io-like (0.3.0)
    json (2.0.2)
    launchy (2.4.3)
      addressable (~> 2.3)
    macaddr (1.7.1)
      systemu (~> 2.6.2)
    mime-types (3.1)
      mime-types-data (~> 3.2015)
    mime-types-data (3.2016.0521)
    mimemagic (0.3.2)
    mini_portile2 (2.2.0)
    multi_json (1.12.1)
    multi_test (0.1.2)
    nokogiri (1.8.0)
      mini_portile2 (~> 2.2.0)
    parallel (1.11.2)
    parallel_tests (2.14.1)
      parallel
    public_suffix (2.0.5)
    rack (2.0.3)
    rack-test (0.6.3)
      rack (>= 1.0)
    rspec (2.8.0)
      rspec-core (~> 2.8.0)
      rspec-expectations (~> 2.8.0)
      rspec-mocks (~> 2.8.0)
    rspec-core (2.8.0)
    rspec-expectations (2.8.0)
      diff-lcs (~> 1.1.2)
    rspec-mocks (2.8.0)
    ruby-processing (2.7.1)
    rubyzip (1.2.1)
    selenium-webdriver (2.53.4)
      childprocess (~> 0.5)
      rubyzip (~> 1.0)
      websocket (~> 1.0)
    systemu (2.6.5)
    uuid (2.3.8)
      macaddr (~> 1.0)
    websocket (1.2.4)
    xpath (2.1.0)
      nokogiri (~> 1.3)

PLATFORMS
  ruby

DEPENDENCIES
  allure-cucumber
  capybara (~> 2.6)
  capybara-screenshot
  chromedriver-helper (~> 1.0)
  json
  parallel_tests
  rspec (~> 2.8.0)
  ruby-processing
  selenium-webdriver (~> 2.49)

BUNDLED WITH
   1.15.0
